GEM
  remote: http://rubygems.org/
  specs:
    diff-lcs (1.1.3)
    flexmock (1.1.0)
    httpclient (2.3.0.1)
    mumboe-soap4r (1.5.8.5)
      httpclient (>= 2.1.1)
    rake (0.9.2.2)
    rspec (2.11.0)
      rspec-core (~> 2.11.0)
      rspec-expectations (~> 2.11.0)
      rspec-mocks (~> 2.11.0)
    rspec-core (2.11.1)
    rspec-expectations (2.11.3)
      diff-lcs (~> 1.1.3)
    rspec-mocks (2.11.3)

PLATFORMS
  ruby

DEPENDENCIES
  flexmock
  mumboe-soap4r
  rake
  rspec
